PATH
  remote: .
  specs:
    xc_metrics_aggregator (0.1.0)
      ascii_charts
      etc
      terminal-table
      thor

GEM
  remote: https://rubygems.org/
  specs:
    ascii_charts (0.9.1)
    chronic_duration (0.10.6)
      numerizer (~> 0.1.1)
    etc (1.1.0)
    numerizer (0.1.1)
    rake (10.5.0)
    spec (5.3.4)
      chronic_duration (~> 0.10.2)
    terminal-table (1.8.0)
      unicode-display_width (~> 1.1, >= 1.1.1)
    thor (1.0.1)
    unicode-display_width (1.6.1)

PLATFORMS
  ruby

DEPENDENCIES
  bundler (~> 2.0)
  rake (~> 10.0)
  spec
  xc_metrics_aggregator!

BUNDLED WITH
   2.1.2
